GEM
  remote: https://rubygems.org/
  specs:
    httpclient (2.6.0.1)
    string-utility (2.4.1)

PLATFORMS
  ruby

DEPENDENCIES
  httpclient (= 2.6.0.1)
  string-utility (>= 2.4.0)

BUNDLED WITH
   1.10.6
