GEM
  remote: https://rubygems.org/
  specs:
    httpclient (2.8.0)
    minitest (5.8.4)

PLATFORMS
  ruby

DEPENDENCIES
  httpclient (~> 2.8)
  minitest (~> 5.8)

BUNDLED WITH
   1.11.2
