GEM
  remote: https://rubygems.org/
  specs:
    httpclient (2.7.1)
    minitest (5.8.4)

PLATFORMS
  ruby

DEPENDENCIES
  httpclient (= 2.7.1)
  minitest

BUNDLED WITH
   1.11.2
